GEM
  remote: https://rubygems.org/
  specs:
    motion-game (1.0)
    rake (10.4.2)

PLATFORMS
  ruby

DEPENDENCIES
  motion-game (~> 1.0)
  rake (~> 10.4.2)

BUNDLED WITH
   1.10.6
